GEM
  remote: https://rubygems.org/
  specs:
    args_parser (0.2.0)
    backports (3.8.0)
    diff-lcs (1.3)
    dnssd (3.0.1)
    hashie (3.5.6)
    httparty (0.15.6)
      multi_xml (>= 0.5.2)
    irkit (0.1.0)
      args_parser
      dnssd
      hashie
      httparty
      json
    json (2.1.0)
    multi_json (1.12.1)
    multi_xml (0.6.0)
    mustermann (1.0.0)
    rack (2.0.3)
    rack-protection (2.0.0)
      rack
    rack-test (0.7.0)
      rack (>= 1.0, < 3)
    rspec (3.6.0)
      rspec-core (~> 3.6.0)
      rspec-expectations (~> 3.6.0)
      rspec-mocks (~> 3.6.0)
    rspec-core (3.6.0)
      rspec-support (~> 3.6.0)
    rspec-expectations (3.6.0)
      diff-lcs (>= 1.2.0, < 2.0)
      rspec-support (~> 3.6.0)
    rspec-mocks (3.6.0)
      diff-lcs (>= 1.2.0, < 2.0)
      rspec-support (~> 3.6.0)
    rspec-support (3.6.0)
    sinatra (2.0.0)
      mustermann (~> 1.0)
      rack (~> 2.0)
      rack-protection (= 2.0.0)
      tilt (~> 2.0)
    sinatra-contrib (2.0.0)
      backports (>= 2.0)
      multi_json
      mustermann (~> 1.0)
      rack-protection (= 2.0.0)
      sinatra (= 2.0.0)
      tilt (>= 1.3, < 3)
    tilt (2.0.8)

PLATFORMS
  ruby

DEPENDENCIES
  irkit
  rack-test
  rspec
  sinatra
  sinatra-contrib

BUNDLED WITH
   1.15.3
